PATH
  remote: .
  specs:
    state-handler (0.0.2)

GEM
  remote: https://rubygems.org/
  specs:
    diff-lcs (1.1.3)
    rake (0.9.2.2)
    rspec (2.10.0)
      rspec-core (~> 2.10.0)
      rspec-expectations (~> 2.10.0)
      rspec-mocks (~> 2.10.0)
    rspec-core (2.10.0)
    rspec-expectations (2.10.0)
      diff-lcs (~> 1.1.3)
    rspec-mocks (2.10.1)
    timecop (0.3.5)

PLATFORMS
  ruby

DEPENDENCIES
  rake
  rspec
  state-handler!
  timecop
